GEM
  remote: https://rubygems.org/
  specs:
    httpclient (2.8.2.4)
    json (1.8.3)
    rack (1.6.4)
    rack-protection (1.5.3)
      rack
    sinatra (1.4.7)
      rack (~> 1.5)
      rack-protection (~> 1.4)
      tilt (>= 1.3, < 3)
    tilt (2.0.5)

PLATFORMS
  ruby

DEPENDENCIES
  httpclient
  json
  sinatra

RUBY VERSION
   ruby 2.3.3p222

BUNDLED WITH
   2.1.4
